GIT
  remote: https://github.com/mash-97/mashz.git
  revision: 494b10e40926f0fc610dc86a8d6107303591f93c
  branch: master
  specs:
    mashz (0.2.0)

PATH
  remote: .
  specs:
    file_disperser (0.2.0)

GEM
  remote: https://rubygems.org/
  specs:
    minitest (5.14.1)
    rake (12.3.3)
    tty-tree (0.4.0)

PLATFORMS
  x64-mingw32

DEPENDENCIES
  file_disperser!
  mashz!
  minitest (~> 5.0)
  rake (~> 12.0)
  tty-tree

BUNDLED WITH
   1.17.2
